PATH
  remote: .
  specs:
    s_object (0.0.1)
      json
      typhoeus

GEM
  remote: https://rubygems.org/
  specs:
    activesupport (3.2.2)
      i18n (~> 0.6)
      multi_json (~> 1.0)
    coderay (1.0.5)
    diff-lcs (1.1.3)
    ethon (0.7.2)
      ffi (>= 1.3.0)
    factory_girl (2.6.4)
      activesupport (>= 2.3.9)
    ffi (1.9.6)
    i18n (0.6.0)
    json (1.8.2)
    macaddr (1.5.0)
      systemu (>= 2.4.0)
    method_source (0.7.1)
    multi_json (1.2.0)
    pry (0.9.8.4)
      coderay (~> 1.0.5)
      method_source (~> 0.7.1)
      slop (>= 2.4.4, < 3)
    rspec (2.12.0)
      rspec-core (~> 2.12.0)
      rspec-expectations (~> 2.12.0)
      rspec-mocks (~> 2.12.0)
    rspec-core (2.12.1)
    rspec-expectations (2.12.0)
      diff-lcs (~> 1.1.3)
    rspec-mocks (2.12.0)
    simplecov (0.7.1)
      multi_json (~> 1.0)
      simplecov-html (~> 0.7.1)
    simplecov-html (0.7.1)
    slop (2.4.4)
    systemu (2.5.0)
    typhoeus (0.7.0)
      ethon (>= 0.7.1)
    uuid (2.3.5)
      macaddr (~> 1.0)

PLATFORMS
  ruby

DEPENDENCIES
  factory_girl
  pry
  rspec
  s_object!
  simplecov
  uuid
